PATH
  remote: .
  specs:
    file_ripper (0.1.0)

GEM
  remote: https://rubygems.org/
  specs:
    ansi (1.5.0)
    builder (3.2.4)
    minitest (5.18.0)
    minitest-reporters (1.6.0)
      ansi
      builder
      minitest (>= 5.0)
      ruby-progressbar
    rake (13.0.6)
    ruby-progressbar (1.13.0)

PLATFORMS
  arm64-darwin-20

DEPENDENCIES
  bundler (~> 2.2.32)
  file_ripper!
  minitest (~> 5.0)
  minitest-reporters (~> 1.6)
  rake (~> 13.0)

BUNDLED WITH
   2.2.32
